GEM
  remote: https://rubygems.org/
  specs:
    coderay (1.1.2)
    debase (0.2.4.1)
      debase-ruby_core_source (>= 0.10.2)
    debase-ruby_core_source (0.10.9)
    method_source (1.0.0)
    pry (0.13.1)
      coderay (~> 1.1)
      method_source (~> 1.0)
    pry-rails (0.3.9)
      pry (>= 0.10.4)
    rake (13.0.1)
    ruby-debug-ide (0.7.2)
      rake (>= 0.8.1)

PLATFORMS
  ruby

DEPENDENCIES
  debase
  pry-rails
  ruby-debug-ide

BUNDLED WITH
   2.1.4
